GEM
  remote: https://rubygems.org/
  specs:
    ProMotion (2.0.1)
      methadone (~> 1.4)
    dbt (1.1.5)
    methadone (1.8.0)
      bundler
    motion-kit (0.15.0)
      dbt (~> 1.1.5)
    rake (10.3.2)
    sugarcube (2.11.1)

PLATFORMS
  ruby

DEPENDENCIES
  ProMotion (~> 2.0)
  motion-kit (~> 0.10)
  rake
  sugarcube
