GIT
  remote: git@github.com:aviscasillas/MotionModel.git
  revision: 20b82cb5e552ca553810844d0e76ab34553df0a8
  branch: validate-with-conditions
  specs:
    motion_model (0.6.0)
      bubble-wrap (>= 1.3.0)
      motion-support (>= 0.1.0)

PATH
  remote: ~/devel/oauth2-motion
  specs:
    oauth2-motion (0.0.0)
      bubble-wrap-http

GEM
  remote: https://rubygems.org/
  specs:
    ProMotion (2.0.1)
      methadone (~> 1.4)
    ProMotion-formotion (0.1.6)
      ProMotion (>= 1.2.0)
      formotion (>= 1.7)
      motion-require (>= 0.2.0)
    bubble-wrap (1.7.1)
      bubble-wrap-http (= 1.7.1)
    bubble-wrap-http (1.7.1)
    dbt (1.1.5)
    formotion (1.8)
      bubble-wrap (>= 1.4.0)
      motion-require (>= 0.1.0)
    methadone (1.8.0)
      bundler
    motion-kit (0.15.0)
      dbt (~> 1.1.5)
    motion-require (0.2.0)
    motion-support (0.2.6)
      motion-require (>= 0.0.6)
    rake (10.3.2)
    sugarcube (2.11.1)

PLATFORMS
  ruby

DEPENDENCIES
  ProMotion (~> 2.0)
  ProMotion-formotion
  formotion
  motion-kit (~> 0.10)
  motion_model!
  oauth2-motion!
  rake
  sugarcube
